GEM
  remote: http://rubygems.org/
  specs:
    daemons (1.1.9)
    eventmachine (1.0.0)
    mysql2 (0.3.11)
    rack (1.4.4)
    rack-protection (1.3.2)
      rack
    rake (10.0.3)
    scruffy (0.2.6)
    sinatra (1.3.3)
      rack (~> 1.3, >= 1.3.6)
      rack-protection (~> 1.2)
      tilt (~> 1.3, >= 1.3.3)
    sinatra-graph (0.1.3)
      scruffy
      sinatra (>= 1.0.0)
    thin (1.5.0)
      daemons (>= 1.0.9)
      eventmachine (>= 0.12.6)
      rack (>= 1.0.0)
    tilt (1.3.3)

PLATFORMS
  ruby

DEPENDENCIES
  mysql2 (>= 0.3.11)
  rack (>= 1.4.2)
  rake (>= 10.0.3)
  sinatra (>= 1.3.3)
  sinatra-graph (>= 0.1.3)
  thin (>= 1.5.0)
